GEM
  remote: https://rubygems.org/
  specs:
    icalendar (2.3.0)
    thread_safe (0.3.5)
    tzinfo (1.2.2)
      thread_safe (~> 0.1)

PLATFORMS
  ruby

DEPENDENCIES
  icalendar
  tzinfo

BUNDLED WITH
   1.11.2
